GIT
  remote: https://github.com/infews/rocco.git
  revision: d2b9e8e434261d35e9874b42d935d6f6716d5064
  specs:
    rocco (0.8.2)
      mustache
      redcarpet (~> 1.17)

PATH
  remote: ../allocation_stats
  specs:
    allocation_stats (0.1.2)

GEM
  remote: https://rubygems.org/
  specs:
    activesupport (4.0.0)
      i18n (~> 0.6, >= 0.6.4)
      minitest (~> 4.2)
      multi_json (~> 1.3)
      thread_safe (~> 0.1)
      tzinfo (~> 0.3.37)
    atomic (1.1.14)
    coderay (1.0.9)
    diff-lcs (1.2.4)
    factory_girl (4.2.0)
      activesupport (>= 3.0.0)
    haml (4.0.1)
      tilt
    i18n (0.6.5)
    liquid (2.5.1)
    method_source (0.8.2)
    minitest (4.7.5)
    multi_json (1.8.1)
    mustache (0.99.4)
    pry (0.9.12.2)
      coderay (~> 1.0.5)
      method_source (~> 0.8)
      slop (~> 3.4)
    rack (1.5.2)
    rack-protection (1.2.0)
      rack
    redcarpet (1.17.2)
    rspec (2.13.0)
      rspec-core (~> 2.13.0)
      rspec-expectations (~> 2.13.0)
      rspec-mocks (~> 2.13.0)
    rspec-core (2.13.1)
    rspec-expectations (2.13.0)
      diff-lcs (>= 1.1.3, < 2.0)
    rspec-mocks (2.13.1)
    sass (3.2.10)
    sinatra (1.3.3)
      rack (~> 1.3, >= 1.3.6)
      rack-protection (~> 1.2)
      tilt (~> 1.3, >= 1.3.3)
    slim (2.0.1)
      temple (~> 0.6.6)
      tilt (>= 1.3.3, < 2.1)
    slop (3.4.6)
    temple (0.6.6)
    thread_safe (0.1.3)
      atomic
    tilt (1.3.7)
    tzinfo (0.3.37)
    yajl-ruby (1.1.0)

PLATFORMS
  ruby

DEPENDENCIES
  allocation_stats!
  factory_girl
  haml
  liquid
  pry
  rack
  rocco!
  rspec
  sass
  sinatra
  slim
  yajl-ruby (= 1.1.0)
