GIT
  remote: https://github.com/infews/rocco.git
  revision: d2b9e8e434261d35e9874b42d935d6f6716d5064
  specs:
    rocco (0.8.2)
      mustache
      redcarpet (~> 1.17)

GEM
  remote: https://rubygems.org/
  specs:
    activesupport (4.0.2)
      i18n (~> 0.6, >= 0.6.4)
      minitest (~> 4.2)
      multi_json (~> 1.3)
      thread_safe (~> 0.1)
      tzinfo (~> 0.3.37)
    allocation_stats (0.1.4)
    atomic (1.1.14)
    coderay (1.1.0)
    diff-lcs (1.2.5)
    factory_girl (4.3.0)
      activesupport (>= 3.0.0)
    haml (4.0.5)
      tilt
    i18n (0.6.9)
    liquid (2.6.1)
    method_source (0.8.2)
    minitest (4.7.5)
    multi_json (1.8.4)
    mustache (0.99.5)
    pry (0.9.12.6)
      coderay (~> 1.0)
      method_source (~> 0.8)
      slop (~> 3.4)
    rack (1.5.2)
    rake (10.1.1)
    redcarpet (1.17.2)
    rspec (2.14.1)
      rspec-core (~> 2.14.0)
      rspec-expectations (~> 2.14.0)
      rspec-mocks (~> 2.14.0)
    rspec-core (2.14.7)
    rspec-expectations (2.14.5)
      diff-lcs (>= 1.1.3, < 2.0)
    rspec-mocks (2.14.5)
    sass (3.2.14)
    sinatra (1.0)
      rack (>= 1.0)
    slim (2.0.2)
      temple (~> 0.6.6)
      tilt (>= 1.3.3, < 2.1)
    slop (3.4.7)
    temple (0.6.7)
    thread_safe (0.1.3)
      atomic
    tilt (2.0.0)
    tzinfo (0.3.38)
    yajl-ruby (1.4.1)

PLATFORMS
  ruby

DEPENDENCIES
  allocation_stats
  factory_girl
  haml
  liquid
  pry
  rack
  rake
  rocco!
  rspec
  sass
  sinatra
  slim
  yajl-ruby (= 1.4.1)

BUNDLED WITH
   2.1.4
